GEM
  remote: https://rubygems.org/
  specs:
    addressable (2.6.0)
      public_suffix (>= 2.0.2, < 4.0)
    crack (0.4.3)
      safe_yaml (~> 1.0.0)
    daemons (1.3.1)
    dotenv (2.7.5)
    eventmachine (1.2.7)
    fakeredis (0.7.0)
      redis (>= 3.2, < 5.0)
    faraday (0.15.4)
      multipart-post (>= 1.2, < 3)
    ffi (1.11.1)
    foreman (0.85.0)
      thor (~> 0.19.1)
    hashdiff (1.0.0)
    json (2.3.0)
    listen (3.1.5)
      rb-fsevent (~> 0.9, >= 0.9.4)
      rb-inotify (~> 0.9, >= 0.9.7)
      ruby_dep (~> 1.2)
    metaclass (0.0.4)
    mocha (1.9.0)
      metaclass (~> 0.0.1)
    mono_logger (1.1.0)
    multi_json (1.13.1)
    multipart-post (2.1.1)
    mustermann (1.0.3)
    octokit (4.14.0)
      sawyer (~> 0.8.0, >= 0.5.3)
    power_assert (1.2.0)
    public_suffix (3.1.1)
    rack (2.2.3)
    rack-protection (2.0.7)
      rack
    rack-test (1.1.0)
      rack (>= 1.0, < 3)
    rake (13.0.1)
    rb-fsevent (0.10.3)
    rb-inotify (0.10.0)
      ffi (~> 1.0)
    redis (4.1.2)
    redis-namespace (1.6.0)
      redis (>= 3.0.4)
    rerun (0.13.0)
      listen (~> 3.0)
    resque (2.0.0)
      mono_logger (~> 1.0)
      multi_json (~> 1.0)
      redis-namespace (~> 1.6)
      sinatra (>= 0.9.2)
      vegas (~> 0.1.2)
    ruby_dep (1.5.0)
    safe_yaml (1.0.5)
    sawyer (0.8.2)
      addressable (>= 2.3.5)
      faraday (> 0.8, < 2.0)
    sinatra (2.0.7)
      mustermann (~> 1.0)
      rack (~> 2.0)
      rack-protection (= 2.0.7)
      tilt (~> 2.0)
    test-unit (3.3.5)
      power_assert
    thin (1.7.2)
      daemons (~> 1.0, >= 1.0.9)
      eventmachine (~> 1.0, >= 1.0.4)
      rack (>= 1, < 3)
    thor (0.19.4)
    tilt (2.0.9)
    vegas (0.1.11)
      rack (>= 1.0.0)
    webmock (3.6.2)
      addressable (>= 2.3.6)
      crack (>= 0.3.2)
      hashdiff (>= 0.4.0, < 2.0.0)

PLATFORMS
  ruby

DEPENDENCIES
  dotenv (~> 2.7)
  fakeredis (~> 0.7.0)
  foreman (~> 0.85.0)
  json (~> 2.3)
  mocha (~> 1.9)
  octokit (~> 4.14)
  rack-test (~> 1.1)
  rake (~> 13.0)
  rerun (~> 0.13.0)
  resque (~> 2.0)
  sinatra (~> 2.0)
  test-unit (~> 3.3)
  thin (~> 1.7)
  webmock (~> 3.6)

BUNDLED WITH
   2.0.2
